PATH
  remote: .
  specs:
    sidekiq_adhoc_job (2.2.3)
      sidekiq (< 8)

GEM
  remote: http://rubygems.org/
  specs:
    coderay (1.1.3)
    concurrent-ruby (1.2.3)
    connection_pool (2.4.1)
    diff-lcs (1.5.1)
    method_source (1.1.0)
    mock_redis (0.26.0)
    pry (0.14.2)
      coderay (~> 1.1)
      method_source (~> 1.0)
    rack (2.2.9)
    rack-test (1.1.0)
      rack (>= 1.0, < 3)
    rake (12.3.3)
    redis-client (0.22.1)
      connection_pool
    rspec (3.10.0)
      rspec-core (~> 3.10.0)
      rspec-expectations (~> 3.10.0)
      rspec-mocks (~> 3.10.0)
    rspec-core (3.10.2)
      rspec-support (~> 3.10.0)
    rspec-expectations (3.10.2)
      diff-lcs (>= 1.2.0, < 2.0)
      rspec-support (~> 3.10.0)
    rspec-mocks (3.10.3)
      diff-lcs (>= 1.2.0, < 2.0)
      rspec-support (~> 3.10.0)
    rspec-support (3.10.3)
    rspec_junit_formatter (0.6.0)
      rspec-core (>= 2, < 4, != 2.12.0)
    sidekiq (7.2.4)
      concurrent-ruby (< 2)
      connection_pool (>= 2.3.0)
      rack (>= 2.2.4)
      redis-client (>= 0.19.0)

PLATFORMS
  arm64-darwin-22

DEPENDENCIES
  bundler
  mock_redis (~> 0.26.0)
  pry
  rack-test (~> 1.1.0)
  rake (~> 12.3.2)
  rspec (~> 3.10.0)
  rspec_junit_formatter
  sidekiq_adhoc_job!

BUNDLED WITH
   2.4.22
